GEM
  remote: https://rubygems.org/
  specs:
    ruby-ole (1.2.12.2)
    spreadsheet (1.3.0)
      ruby-ole

PLATFORMS
  x86_64-linux

DEPENDENCIES
  spreadsheet (~> 1.3)

BUNDLED WITH
   2.3.10
